GEM
  remote: https://rubygems.org/
  specs:
    childprocess (3.0.0)
    chrono_logger (1.1.1)
    dbi (0.4.5)
      deprecated (= 2.0.1)
    deprecated (2.0.1)
    docile (1.3.5)
    flexmock (2.3.6)
    ftools (0.0.0)
    hpricot (0.8.6)
    htmlgrid (1.2.2)
      sbsm (>= 1.2.7)
    mail (2.7.1)
      mini_mime (>= 0.1.1)
    mimemagic (0.4.3)
      nokogiri (~> 1)
      rake
    mini_mime (1.1.0)
    mini_portile2 (2.8.0)
    minitest (5.14.4)
    mysql2 (0.4.10)
    nokogiri (1.13.6)
      mini_portile2 (~> 2.8.0)
      racc (~> 1.4)
    nokogiri (1.13.6-x86_64-linux)
      racc (~> 1.4)
    odba (1.1.8)
    racc (1.6.0)
    rack (2.2.3)
    rake (13.0.3)
    rclconf (1.0.0)
    regexp_parser (2.1.1)
    rmagick (2.15.4)
    rubyzip (2.3.0)
    sbsm (1.6.0)
      chrono_logger
      hpricot
      mail
      mimemagic
      rack
    selenium-webdriver (3.142.7)
      childprocess (>= 0.5, < 4.0)
      rubyzip (>= 1.2.2)
    simplecov (0.21.2)
      docile (~> 1.1)
      simplecov-html (~> 0.11)
      simplecov_json_formatter (~> 0.1)
    simplecov-html (0.12.3)
    simplecov_json_formatter (0.1.2)
    watir (6.18.0)
      regexp_parser (>= 1.2, < 3)
      selenium-webdriver (>= 3.8)
    webrick (1.7.0)

PLATFORMS
  ruby
  x86_64-linux

DEPENDENCIES
  dbi (~> 0.4.5)
  flexmock
  ftools (= 0.0.0)
  htmlgrid
  mimemagic
  minitest
  mysql2 (= 0.4.10)
  odba
  rake
  rclconf (= 1.0.0)
  rmagick (~> 2.15.4)
  sbsm (>= 1.3.6)
  simplecov
  watir
  webrick

BUNDLED WITH
   2.2.4
